GEM
  remote: https://rubygems.org/
  specs:
    blankslate (2.1.2.4)
    blockenspiel (0.4.5)
    bourbon (3.1.8)
      sass (>= 3.2.0)
      thor
    classifier (1.3.4)
      fast-stemmer (>= 1.0.0)
    colorator (0.1)
    commander (4.1.6)
      highline (~> 1.6.11)
    dotenv (0.10.0)
    fast-stemmer (1.0.2)
    ffi (1.9.3)
    fileutils (0.7)
      rmagick (>= 2.13.1)
    foreman (0.63.0)
      dotenv (>= 0.7)
      thor (>= 0.13.6)
    highline (1.6.21)
    httpclient (2.3.4.1)
    jekyll (1.5.1)
      classifier (~> 1.3)
      colorator (~> 0.1)
      commander (~> 4.1.3)
      liquid (~> 2.5.5)
      listen (~> 1.3)
      maruku (= 0.7.0)
      pygments.rb (~> 0.5.0)
      redcarpet (~> 2.3.0)
      safe_yaml (~> 1.0)
      toml (~> 0.1.0)
    json (1.8.1)
    liquid (2.5.5)
    listen (1.3.1)
      rb-fsevent (>= 0.9.3)
      rb-inotify (>= 0.9)
      rb-kqueue (>= 0.2)
    maruku (0.7.0)
    mini_portile (0.5.3)
    neat (1.6.0)
      bourbon (>= 3.1)
      sass (>= 3.3)
    nokogiri (1.6.1)
      mini_portile (~> 0.5.0)
    parslet (1.5.0)
      blankslate (~> 2.0)
    posix-spawn (0.3.8)
    pygments.rb (0.5.4)
      posix-spawn (~> 0.3.6)
      yajl-ruby (~> 1.1.0)
    rake (10.2.2)
    rb-fsevent (0.9.4)
    rb-inotify (0.9.3)
      ffi (>= 0.5.0)
    rb-kqueue (0.2.2)
      ffi (>= 0.5.0)
    redcarpet (2.3.0)
    reduce (0.3.0)
      smusher
    rmagick (2.13.2)
    safe_yaml (1.0.1)
    sass (3.3.4)
    smusher (0.4.9)
      httpclient (>= 2.2)
      json
      rake
    thor (0.19.1)
    toml (0.1.1)
      parslet (~> 1.5.0)
    versionomy (0.4.4)
      blockenspiel (>= 0.4.5)
    yajl-ruby (1.1.0)

PLATFORMS
  ruby

DEPENDENCIES
  bourbon
  fileutils
  foreman
  jekyll
  json
  neat
  nokogiri
  rake
  reduce
  sass
  versionomy
